PATH
  remote: .
  specs:
    oxmlrpc (0.2.1)
      ox (~> 2.0)

GEM
  remote: http://rubygems.org/
  specs:
    diff-lcs (1.2.4)
    ox (2.4.5)
    rspec (2.14.1)
      rspec-core (~> 2.14.0)
      rspec-expectations (~> 2.14.0)
      rspec-mocks (~> 2.14.0)
    rspec-core (2.14.7)
    rspec-expectations (2.14.3)
      diff-lcs (>= 1.1.3, < 2.0)
    rspec-mocks (2.14.4)

PLATFORMS
  ruby

DEPENDENCIES
  oxmlrpc!
  rspec

BUNDLED WITH
   1.12.5
